PATH
  remote: .
  specs:
    ucb_deployer (1.1.1)
      rake (= 0.8.7)

GEM
  remote: http://rubygems.org/
  specs:
    columnize (0.3.4)
    diff-lcs (1.1.3)
    linecache (0.46)
      rbx-require-relative (> 0.0.4)
    rake (0.8.7)
    rbx-require-relative (0.0.5)
    rcov (0.9.10)
    rspec (1.3.0)
    ruby-debug (0.10.4)
      columnize (>= 0.1)
      ruby-debug-base (~> 0.10.4.0)
    ruby-debug-base (0.10.4)
      linecache (>= 0.3)

PLATFORMS
  ruby

DEPENDENCIES
  diff-lcs (>= 1.1.2)
  rcov (>= 0.9.9)
  rspec (= 1.3.0)
  ruby-debug (>= 0.10.4)
  ucb_deployer!
